PATH
  remote: .
  specs:
    openai_error_handler (0.1.0)
      json (~> 2.5)
      net-http (~> 0.1.1)
      uri (~> 0.10.0)

GEM
  remote: https://rubygems.org/
  specs:
    diff-lcs (1.5.0)
    json (2.7.1)
    net-http (0.1.1)
      net-protocol
      uri
    net-protocol (0.2.2)
      timeout
    rake (10.5.0)
    rspec (3.12.0)
      rspec-core (~> 3.12.0)
      rspec-expectations (~> 3.12.0)
      rspec-mocks (~> 3.12.0)
    rspec-core (3.12.2)
      rspec-support (~> 3.12.0)
    rspec-expectations (3.12.3)
      diff-lcs (>= 1.2.0, < 2.0)
      rspec-support (~> 3.12.0)
    rspec-mocks (3.12.6)
      diff-lcs (>= 1.2.0, < 2.0)
      rspec-support (~> 3.12.0)
    rspec-support (3.12.1)
    timeout (0.4.1)
    uri (0.10.3)

PLATFORMS
  ruby

DEPENDENCIES
  bundler (~> 1.17)
  openai_error_handler!
  rake (~> 10.0)
  rspec (~> 3.0)

BUNDLED WITH
   1.17.2
